GEM
  remote: http://rubygems.org/
  specs:
    activesupport (3.2.3)
      i18n (~> 0.6)
      multi_json (~> 1.0)
    backports (2.5.3)
    builder (3.2.0)
    cucumber (1.3.1)
      builder (>= 2.1.2)
      diff-lcs (>= 1.1.3)
      gherkin (~> 2.12.0)
      multi_json (~> 1.3)
    cucumber-sinatra (0.5.0)
      templater (>= 1.0.0)
    diff-lcs (1.2.4)
    eventmachine (0.12.10)
    extlib (0.9.16)
    gherkin (2.12.0)
      multi_json (~> 1.3)
    highline (1.6.18)
    hpricot (0.8.6)
    htmlentities (4.3.1)
    i18n (0.6.0)
    json (1.7.3)
    multi_json (1.3.5)
    nokogiri (1.5.9)
    rack (1.4.1)
    rack-protection (1.2.0)
      rack
    rack-test (0.6.1)
      rack (>= 1.0)
    scrobbler (0.2.3)
      activesupport (>= 1.4.2)
      hpricot (>= 0.4.86)
    sinatra (1.3.2)
      rack (~> 1.3, >= 1.3.6)
      rack-protection (~> 1.2)
      tilt (~> 1.3, >= 1.3.3)
    sinatra-contrib (1.3.1)
      backports (>= 2.0)
      eventmachine
      rack-protection
      rack-test
      sinatra (~> 1.3.0)
      tilt (~> 1.3)
    templater (1.0.0)
      diff-lcs (>= 1.1.2)
      extlib (>= 0.9.5)
      highline (>= 1.4.0)
    tilt (1.3.3)
    webrat (0.7.3)
      nokogiri (>= 1.2.0)
      rack (>= 1.0)
      rack-test (>= 0.5.3)

PLATFORMS
  ruby

DEPENDENCIES
  activesupport
  cucumber
  cucumber-sinatra
  htmlentities
  json
  rack-test
  scrobbler
  sinatra (~> 1.3.0)
  sinatra-contrib
  webrat
